GEM
  remote: https://rubygems.org/
  specs:
    colorize (0.7.7)
    gepub (0.6.9.2)
      nokogiri (~> 1.6.1)
      rubyzip (>= 1.1.1)
    mini_portile2 (2.1.0)
    nokogiri (1.6.8)
      mini_portile2 (~> 2.1.0)
      pkg-config (~> 1.1.7)
    pkg-config (1.1.7)
    rubyzip (1.2.0)
    sqlite3 (1.3.11)

PLATFORMS
  ruby

DEPENDENCIES
  colorize (= 0.7.7)
  gepub (= 0.6.9.2)
  nokogiri (= 1.6.8)
  rubyzip (= 1.2.0)
  sqlite3 (= 1.3.11)

RUBY VERSION
   ruby 2.1.10p492

BUNDLED WITH
   1.12.5
